GEM
  remote: https://rubygems.org/
  specs:
    chunky_png (1.2.7)
    compass (0.12.2)
      chunky_png (~> 1.2)
      fssm (>= 0.2.7)
      sass (~> 3.1)
    fssm (0.2.10)
    hike (1.2.1)
    multi_json (1.6.1)
    rack (1.5.2)
    sass (3.2.6)
    sprockets (2.9.0)
      hike (~> 1.2)
      multi_json (~> 1.0)
      rack (~> 1.0)
      tilt (~> 1.1, != 1.3.0)
    tilt (1.3.4)

PLATFORMS
  ruby

DEPENDENCIES
  compass
  sass
  sprockets (~> 2.0)
